PATH
  remote: ~/Code/echowrap/
  specs:
    echowrap (0.1.4)
      faraday (~> 0.9)
      multi_json (~> 1.0)
      simple_oauth (~> 0.2)

PATH
  remote: ~/Code/ruby-lastfm/
  specs:
    lastfm (1.25.0)
      activesupport (>= 3.2.0)
      httparty
      xml-simple

GEM
  remote: http://rubygems.org/
  specs:
    activesupport (4.1.6)
      i18n (~> 0.6, >= 0.6.9)
      json (~> 1.7, >= 1.7.7)
      minitest (~> 5.1)
      thread_safe (~> 0.1)
      tzinfo (~> 1.1)
    faraday (0.9.0)
      multipart-post (>= 1.2, < 3)
    gemcutter (0.7.1)
    geocoder (1.2.4)
    httparty (0.13.1)
      json (~> 1.8)
      multi_xml (>= 0.5.2)
    i18n (0.6.11)
    json (1.8.1)
    minitest (5.4.2)
    multi_json (1.10.1)
    multi_xml (0.5.5)
    multipart-post (2.0.0)
    simple_oauth (0.2.0)
    thread_safe (0.3.4)
    tumble (0.2.0)
      faraday
    tzinfo (1.2.2)
      thread_safe (~> 0.1)
    xml-simple (1.1.4)

PLATFORMS
  ruby

DEPENDENCIES
  activesupport
  echowrap (= 0.1.4)!
  gemcutter
  geocoder
  lastfm (= 1.25.0)!
  tumble
